PATH
  remote: .
  specs:
    teobit_mailer (0.0.1)
      sanitize (>= 2.0)

GEM
  remote: https://rubygems.org/
  specs:
    mini_portile (0.6.0)
    nokogiri (1.6.2.1)
      mini_portile (= 0.6.0)
    sanitize (2.1.0)
      nokogiri (>= 1.4.4)

PLATFORMS
  ruby

DEPENDENCIES
  teobit_mailer!
